GEM
  remote: http://rubygems.org/
  specs:
    ArgsParser (1.0.0)
    faraday (0.8.4)
      multipart-post (~> 1.1)
    json (1.7.5)
    multi_json (1.3.6)
    multipart-post (1.1.5)
    oauth (0.4.7)
    rainbow (1.1.4)
    simple_oauth (0.1.9)
    twitter (4.0.0)
      faraday (~> 0.8)
      multi_json (~> 1.3)
      simple_oauth (~> 0.1.6)

PLATFORMS
  ruby

DEPENDENCIES
  ArgsParser
  json
  oauth
  rainbow
  twitter
